PATH
  remote: .
  specs:
    one_time_talk (0.1)
      pry

GEM
  remote: https://rubygems.org/
  specs:
    coderay (1.1.2)
    method_source (0.9.2)
    pry (0.12.2)
      coderay (~> 1.1.0)
      method_source (~> 0.9.0)

PLATFORMS
  ruby

DEPENDENCIES
  one_time_talk!

BUNDLED WITH
   1.16.6
